GEM
  remote: https://rubygems.org/
  specs:
    json (2.7.2)
    yaml (0.3.0)

PLATFORMS
  ruby
  x86_64-linux

DEPENDENCIES
  json (~> 2.7)
  yaml (~> 0.3.0)

BUNDLED WITH
   2.5.16
